PATH
  remote: .
  specs:
    tolk (1.0)
      dynamic_form (~> 1.1.3)
      will_paginate (~> 3.0.pre)
      ya2yaml (~> 0.26)

GEM
  remote: http://rubygems.org/
  specs:
    dynamic_form (1.1.3)
    will_paginate (3.0.pre2)
    ya2yaml (0.30)

PLATFORMS
  ruby

DEPENDENCIES
  dynamic_form (~> 1.1.3)
  tolk!
  will_paginate (~> 3.0.pre)
  ya2yaml (~> 0.26)
